PATH
  remote: ..
  specs:
    twirp (1.10.0)
      faraday (< 3)
      google-protobuf (~> 3.0, >= 3.7.0)
      rack (>= 2.2.3)

GEM
  remote: https://rubygems.org/
  specs:
    faraday (2.7.2)
      faraday-net_http (>= 2.0, < 3.1)
      ruby2_keywords (>= 0.0.4)
    faraday-net_http (3.0.2)
    google-protobuf (3.21.12)
    rack (3.0.7)
    ruby2_keywords (0.0.5)
    webrick (1.7.0)

PLATFORMS
  ruby

DEPENDENCIES
  rack
  twirp!
  webrick

BUNDLED WITH
   2.4.2
