GEM
  remote: https://rubygems.org/
  specs:
    faraday (0.14.0)
      multipart-post (>= 1.2, < 3)
    google-protobuf (3.5.1.2)
    multipart-post (2.0.0)
    rack (2.0.1)
    twirp (0.1.1)
      faraday (>= 0.14.0)
      google-protobuf (>= 3.0.0)

PLATFORMS
  ruby

DEPENDENCIES
  rack
  twirp

BUNDLED WITH
   1.16.1
