PATH
  remote: .
  specs:
    twirp (1.3.1)
      faraday (~> 0)
      google-protobuf (~> 3.0, >= 3.0.0)

GEM
  remote: https://rubygems.org/
  specs:
    faraday (0.17.1)
      multipart-post (>= 1.2, < 3)
    google-protobuf (3.11.2)
    minitest (5.11.3)
    multipart-post (2.1.1)
    rack (2.0.8)
    rake (12.3.1)

PLATFORMS
  ruby

DEPENDENCIES
  bundler (~> 1)
  minitest (>= 5)
  rack
  rake
  twirp!

BUNDLED WITH
   1.17.2
