PATH
  remote: ..
  specs:
    twirp (1.12.0)
      faraday (< 3)
      google-protobuf (>= 3.25, < 5.a)
      rack (>= 2.2.3)

GEM
  remote: https://rubygems.org/
  specs:
    faraday (2.7.2)
      faraday-net_http (>= 2.0, < 3.1)
      ruby2_keywords (>= 0.0.4)
    faraday-net_http (3.0.2)
    google-protobuf (3.25.4)
    rack (2.2.8.1)
    ruby2_keywords (0.0.5)
    webrick (1.7.0)

PLATFORMS
  ruby

DEPENDENCIES
  google-protobuf (~> 3.x)
  rack (< 3)
  twirp!
  webrick

BUNDLED WITH
   2.4.2
